PATH
  remote: .
  specs:
    envisioscraper (1.0.1)
      json (~> 2.1, >= 2.1.0)
      jwt (~> 2.2, >= 2.2.0)
      typhoeus (~> 1.0, >= 1.0.1)

GEM
  remote: https://rubygems.org/
  specs:
    ethon (0.16.0)
      ffi (>= 1.15.0)
    ffi (1.15.5)
    json (2.6.3)
    jwt (2.7.0)
    minitest (5.18.0)
    rake (12.3.3)
    typhoeus (1.4.0)
      ethon (>= 0.9.0)

PLATFORMS
  ruby

DEPENDENCIES
  envisioscraper!
  minitest (~> 5.0)
  rake (~> 12.0)

BUNDLED WITH
   2.4.12
